GEM
  remote: https://rubygems.org/
  specs:
    addressable (2.4.0)
    commander (4.3.5)
      highline (~> 1.7.2)
    faraday (0.9.2)
      multipart-post (>= 1.2, < 3)
    highline (1.7.8)
    koala (2.2.0)
      addressable
      faraday
      multi_json
    minitest (5.8.3)
    multi_json (1.11.2)
    multipart-post (2.0.0)
    rake (10.4.2)

PLATFORMS
  ruby

DEPENDENCIES
  commander
  koala
  minitest
  rake
